GEM
  remote: https://rubygems.org/
  specs:
    actioncable (8.0.2.1)
      actionpack (= 8.0.2.1)
      activesupport (= 8.0.2.1)
      nio4r (~> 2.0)
      websocket-driver (>= 0.6.1)
      zeitwerk (~> 2.6)
    actionmailbox (8.0.2.1)
      actionpack (= 8.0.2.1)
      activejob (= 8.0.2.1)
      activerecord (= 8.0.2.1)
      activestorage (= 8.0.2.1)
      activesupport (= 8.0.2.1)
      mail (>= 2.8.0)
    actionmailer (8.0.2.1)
      actionpack (= 8.0.2.1)
      actionview (= 8.0.2.1)
      activejob (= 8.0.2.1)
      activesupport (= 8.0.2.1)
      mail (>= 2.8.0)
      rails-dom-testing (~> 2.2)
    actionpack (8.0.2.1)
      actionview (= 8.0.2.1)
      activesupport (= 8.0.2.1)
      nokogiri (>= 1.8.5)
      rack (>= 2.2.4)
      rack-session (>= 1.0.1)
      rack-test (>= 0.6.3)
      rails-dom-testing (~> 2.2)
      rails-html-sanitizer (~> 1.6)
      useragent (~> 0.16)
    actiontext (8.0.2.1)
      actionpack (= 8.0.2.1)
      activerecord (= 8.0.2.1)
      activestorage (= 8.0.2.1)
      activesupport (= 8.0.2.1)
      globalid (>= 0.6.0)
      nokogiri (>= 1.8.5)
    actionview (8.0.2.1)
      activesupport (= 8.0.2.1)
      builder (~> 3.1)
      erubi (~> 1.11)
      rails-dom-testing (~> 2.2)
      rails-html-sanitizer (~> 1.6)
    activejob (8.0.2.1)
      activesupport (= 8.0.2.1)
      globalid (>= 0.3.6)
    activemodel (8.0.2.1)
      activesupport (= 8.0.2.1)
    activerecord (8.0.2.1)
      activemodel (= 8.0.2.1)
      activesupport (= 8.0.2.1)
      timeout (>= 0.4.0)
    activerecord-session_store (2.2.0)
      actionpack (>= 7.0)
      activerecord (>= 7.0)
      cgi (>= 0.3.6)
      rack (>= 2.0.8, < 4)
      railties (>= 7.0)
    activestorage (8.0.2.1)
      actionpack (= 8.0.2.1)
      activejob (= 8.0.2.1)
      activerecord (= 8.0.2.1)
      activesupport (= 8.0.2.1)
      marcel (~> 1.0)
    activesupport (8.0.2.1)
      base64
      benchmark (>= 0.3)
      bigdecimal
      concurrent-ruby (~> 1.0, >= 1.3.1)
      connection_pool (>= 2.2.5)
      drb
      i18n (>= 1.6, < 2)
      logger (>= 1.4.2)
      minitest (>= 5.1)
      securerandom (>= 0.3)
      tzinfo (~> 2.0, >= 2.0.5)
      uri (>= 0.13.1)
    addressable (2.8.7)
      public_suffix (>= 2.0.2, < 7.0)
    base64 (0.3.0)
    bcrypt (3.1.20)
    benchmark (0.4.1)
    bigdecimal (3.2.2)
    bindex (0.8.1)
    bootsnap (1.18.6)
      msgpack (~> 1.2)
    builder (3.3.0)
    capybara (3.40.0)
      addressable
      matrix
      mini_mime (>= 0.1.3)
      nokogiri (~> 1.11)
      rack (>= 1.6.0)
      rack-test (>= 0.6.3)
      regexp_parser (>= 1.5, < 3.0)
      xpath (~> 3.2)
    cgi (0.4.2)
    chunky_png (1.4.0)
    concurrent-ruby (1.3.5)
    connection_pool (2.5.3)
    crack (1.0.0)
      bigdecimal
      rexml
    crass (1.0.6)
    date (3.4.1)
    debug (1.10.0)
      irb (~> 1.10)
      reline (>= 0.3.8)
    declarative (0.0.20)
    digest-crc (0.7.0)
      rake (>= 12.0.0, < 14.0.0)
    drb (2.2.3)
    erb (5.0.2)
    erubi (1.13.1)
    event_stream_parser (1.0.0)
    faraday (2.13.1)
      faraday-net_http (>= 2.0, < 3.5)
      json
      logger
    faraday-multipart (1.1.0)
      multipart-post (~> 2.0)
    faraday-net_http (3.4.0)
      net-http (>= 0.5.0)
    ffi (1.17.2-aarch64-linux-gnu)
    ffi (1.17.2-arm64-darwin)
    ffi (1.17.2-x86_64-darwin)
    ffi (1.17.2-x86_64-linux-gnu)
    globalid (1.2.1)
      activesupport (>= 6.1)
    google-apis-core (0.18.0)
      addressable (~> 2.5, >= 2.5.1)
      googleauth (~> 1.9)
      httpclient (>= 2.8.3, < 3.a)
      mini_mime (~> 1.0)
      mutex_m
      representable (~> 3.0)
      retriable (>= 2.0, < 4.a)
    google-apis-iamcredentials_v1 (0.24.0)
      google-apis-core (>= 0.15.0, < 2.a)
    google-apis-storage_v1 (0.51.0)
      google-apis-core (>= 0.15.0, < 2.a)
    google-cloud-core (1.8.0)
      google-cloud-env (>= 1.0, < 3.a)
      google-cloud-errors (~> 1.0)
    google-cloud-env (2.3.1)
      base64 (~> 0.2)
      faraday (>= 1.0, < 3.a)
    google-cloud-errors (1.5.0)
    google-cloud-storage (1.56.0)
      addressable (~> 2.8)
      digest-crc (~> 0.4)
      google-apis-core (~> 0.13)
      google-apis-iamcredentials_v1 (~> 0.18)
      google-apis-storage_v1 (>= 0.42)
      google-cloud-core (~> 1.6)
      googleauth (~> 1.9)
      mini_mime (~> 1.0)
    google-logging-utils (0.2.0)
    googleauth (1.14.0)
      faraday (>= 1.0, < 3.a)
      google-cloud-env (~> 2.2)
      google-logging-utils (~> 0.1)
      jwt (>= 1.4, < 3.0)
      multi_json (~> 1.11)
      os (>= 0.9, < 2.0)
      signet (>= 0.16, < 2.a)
    hashdiff (1.2.0)
    httpclient (2.9.0)
      mutex_m
    i18n (1.14.7)
      concurrent-ruby (~> 1.0)
    image_processing (1.14.0)
      mini_magick (>= 4.9.5, < 6)
      ruby-vips (>= 2.0.17, < 3)
    importmap-rails (2.1.0)
      actionpack (>= 6.0.0)
      activesupport (>= 6.0.0)
      railties (>= 6.0.0)
    io-console (0.8.1)
    irb (1.15.2)
      pp (>= 0.6.0)
      rdoc (>= 4.0.0)
      reline (>= 0.4.2)
    jbuilder (2.13.0)
      actionview (>= 5.0.0)
      activesupport (>= 5.0.0)
    json (2.12.2)
    jwt (2.10.1)
      base64
    logger (1.7.0)
    loofah (2.24.1)
      crass (~> 1.0.2)
      nokogiri (>= 1.12.0)
    mail (2.8.1)
      mini_mime (>= 0.1.1)
      net-imap
      net-pop
      net-smtp
    marcel (1.0.4)
    matrix (0.4.2)
    mini_magick (5.2.0)
      benchmark
      logger
    mini_mime (1.1.5)
    minitest (5.25.5)
    mocha (2.7.1)
      ruby2_keywords (>= 0.0.5)
    msgpack (1.8.0)
    multi_json (1.15.0)
    multipart-post (2.4.1)
    mutex_m (0.3.0)
    net-http (0.6.0)
      uri
    net-imap (0.5.9)
      date
      net-protocol
    net-pop (0.1.2)
      net-protocol
    net-protocol (0.2.2)
      timeout
    net-smtp (0.5.1)
      net-protocol
    nio4r (2.7.4)
    nokogiri (1.18.9-aarch64-linux-gnu)
      racc (~> 1.4)
    nokogiri (1.18.9-arm64-darwin)
      racc (~> 1.4)
    nokogiri (1.18.9-x86_64-darwin)
      racc (~> 1.4)
    nokogiri (1.18.9-x86_64-linux-gnu)
      racc (~> 1.4)
    os (1.1.4)
    pg (1.6.1-aarch64-linux)
    pg (1.6.1-arm64-darwin)
    pg (1.6.1-x86_64-darwin)
    pg (1.6.1-x86_64-linux)
    pp (0.6.2)
      prettyprint
    prettyprint (0.2.0)
    psych (5.2.6)
      date
      stringio
    public_suffix (6.0.2)
    puma (6.6.0)
      nio4r (~> 2.0)
    racc (1.8.1)
    rack (3.2.0)
    rack-session (2.1.1)
      base64 (>= 0.1.0)
      rack (>= 3.0.0)
    rack-test (2.2.0)
      rack (>= 1.3)
    rackup (2.2.1)
      rack (>= 3)
    rails (8.0.2.1)
      actioncable (= 8.0.2.1)
      actionmailbox (= 8.0.2.1)
      actionmailer (= 8.0.2.1)
      actionpack (= 8.0.2.1)
      actiontext (= 8.0.2.1)
      actionview (= 8.0.2.1)
      activejob (= 8.0.2.1)
      activemodel (= 8.0.2.1)
      activerecord (= 8.0.2.1)
      activestorage (= 8.0.2.1)
      activesupport (= 8.0.2.1)
      bundler (>= 1.15.0)
      railties (= 8.0.2.1)
    rails-dom-testing (2.3.0)
      activesupport (>= 5.0.0)
      minitest
      nokogiri (>= 1.6)
    rails-html-sanitizer (1.6.2)
      loofah (~> 2.21)
      nokogiri (>= 1.15.7, != 1.16.7, != 1.16.6, != 1.16.5, != 1.16.4, != 1.16.3, != 1.16.2, != 1.16.1, != 1.16.0.rc1, != 1.16.0)
    railties (8.0.2.1)
      actionpack (= 8.0.2.1)
      activesupport (= 8.0.2.1)
      irb (~> 1.13)
      rackup (>= 1.0.0)
      rake (>= 12.2)
      thor (~> 1.0, >= 1.2.2)
      zeitwerk (~> 2.6)
    rake (13.3.0)
    rdoc (6.14.2)
      erb
      psych (>= 4.0.0)
    redis (5.4.0)
      redis-client (>= 0.22.0)
    redis-client (0.24.0)
      connection_pool
    redis-session-store (0.11.6)
      actionpack (>= 5.2.4.1, < 9)
      redis (>= 3, < 6)
    regexp_parser (2.10.0)
    reline (0.6.2)
      io-console (~> 0.5)
    representable (3.2.0)
      declarative (< 0.1.0)
      trailblazer-option (>= 0.1.1, < 0.2.0)
      uber (< 0.2.0)
    retriable (3.1.2)
    rexml (3.4.1)
    rotp (6.3.0)
    rqrcode (3.1.0)
      chunky_png (~> 1.0)
      rqrcode_core (~> 2.0)
    rqrcode_core (2.0.0)
    ruby-openai (8.1.0)
      event_stream_parser (>= 0.3.0, < 2.0.0)
      faraday (>= 1)
      faraday-multipart (>= 1)
    ruby-vips (2.2.3)
      ffi (~> 1.12)
      logger
    ruby2_keywords (0.0.5)
    rubyzip (2.4.1)
    securerandom (0.4.1)
    selenium-webdriver (4.33.0)
      base64 (~> 0.2)
      logger (~> 1.4)
      rexml (~> 3.2, >= 3.2.5)
      rubyzip (>= 1.2.2, < 3.0)
      websocket (~> 1.0)
    sentry-rails (5.24.0)
      railties (>= 5.0)
      sentry-ruby (~> 5.24.0)
    sentry-ruby (5.24.0)
      bigdecimal
      concurrent-ruby (~> 1.0, >= 1.0.2)
    signet (0.20.0)
      addressable (~> 2.8)
      faraday (>= 0.17.5, < 3.a)
      jwt (>= 1.5, < 3.0)
      multi_json (~> 1.10)
    sprockets (4.2.2)
      concurrent-ruby (~> 1.0)
      logger
      rack (>= 2.2.4, < 4)
    sprockets-rails (3.5.2)
      actionpack (>= 6.1)
      activesupport (>= 6.1)
      sprockets (>= 3.0.0)
    stimulus-rails (1.3.4)
      railties (>= 6.0.0)
    stringio (3.1.7)
    thor (1.4.0)
    timeout (0.4.3)
    trailblazer-option (0.1.2)
    turbo-rails (2.0.13)
      actionpack (>= 7.1.0)
      railties (>= 7.1.0)
    tzinfo (2.0.6)
      concurrent-ruby (~> 1.0)
    uber (0.1.0)
    uri (1.0.3)
    useragent (0.16.11)
    web-console (4.2.1)
      actionview (>= 6.0.0)
      activemodel (>= 6.0.0)
      bindex (>= 0.4.0)
      railties (>= 6.0.0)
    webmock (3.25.1)
      addressable (>= 2.8.0)
      crack (>= 0.3.2)
      hashdiff (>= 0.4.0, < 2.0.0)
    websocket (1.2.11)
    websocket-driver (0.8.0)
      base64
      websocket-extensions (>= 0.1.0)
    websocket-extensions (0.1.5)
    xpath (3.2.0)
      nokogiri (~> 1.8)
    zeitwerk (2.7.3)

PLATFORMS
  aarch64-linux
  arm64-darwin-22
  arm64-darwin-23
  arm64-darwin-24
  x86_64-darwin-22
  x86_64-darwin-23
  x86_64-linux

DEPENDENCIES
  activerecord-session_store
  bcrypt (~> 3.1.7)
  bootsnap
  capybara
  debug
  google-cloud-storage
  image_processing (~> 1.2)
  importmap-rails
  jbuilder
  mocha
  pg
  puma (>= 5.0)
  rails (~> 8.0.2)
  redis (>= 4.0.1)
  redis-session-store
  rotp
  rqrcode
  ruby-openai
  selenium-webdriver
  sentry-rails
  sentry-ruby
  sprockets-rails
  stimulus-rails
  turbo-rails
  tzinfo-data
  web-console
  webmock

RUBY VERSION
   ruby 3.4.4p34

BUNDLED WITH
   2.4.21
